GEM
  remote: https://rubygems.org/
  specs:
    actionmailer (2.0.5)
      actionpack (= 2.0.5)
    actionpack (2.0.5)
      activesupport (= 2.0.5)
    activerecord (2.0.5)
      activesupport (= 2.0.5)
    activeresource (2.0.5)
      activesupport (= 2.0.5)
    activesupport (2.0.5)
    bson (1.12.0)
    colorize (0.7.5)
    mongo (1.12.0)
      bson (= 1.12.0)
    rails (2.0.5)
      actionmailer (= 2.0.5)
      actionpack (= 2.0.5)
      activerecord (= 2.0.5)
      activeresource (= 2.0.5)
      activesupport (= 2.0.5)
      rake (>= 0.7.2)
    rake (10.4.2)

PLATFORMS
  ruby

DEPENDENCIES
  colorize
  mongo (~> 1.12.0)
  rails (~> 2.0.0)
